CONTENT: NONE
RESTRICTION: == net48
NUGET
  remote: http://artrepo.daptiv.com/artifactory/api/nuget/nuget-virtual
    FluentAssertions (3.2.1)
    log4net (1.2.10)
    NuGet.CommandLine (5.9.1)
    NUnit (3.12.0)
    NUnitTestAdapter.WithFramework (2.0.0)
